GIT
  remote: https://github.com/rofreg/gtfs-realtime.git
  revision: 5bf23624948d1f197b709447a3406b0b7369098a
  branch: master
  specs:
    gtfs-realtime (0.4.1)
      activerecord
      bulk_insert
      gtfs
      gtfs-realtime-bindings
      protobuf (< 3.7)

GEM
  remote: https://rubygems.org/
  specs:
    activemodel (6.0.3.1)
      activesupport (= 6.0.3.1)
    activerecord (6.0.3.1)
      activemodel (= 6.0.3.1)
      activesupport (= 6.0.3.1)
    activesupport (6.0.3.1)
      concurrent-ruby (~> 1.0, >= 1.0.2)
      i18n (>= 0.7, < 2)
      minitest (~> 5.1)
      tzinfo (~> 1.1)
      zeitwerk (~> 2.2, >= 2.2.2)
    backports (3.6.8)
    bulk_insert (1.8.1)
      activerecord (>= 3.2.0)
    concurrent-ruby (1.1.6)
    daemons (1.2.4)
    dotenv (2.1.1)
    eventmachine (1.2.1)
    ffi (1.9.25)
    gtfs (0.2.5)
      multi_json
      rake
      rubyzip (~> 1.1)
    gtfs-realtime-bindings (0.0.5)
      protobuf (>= 3.0)
    i18n (1.8.2)
      concurrent-ruby (~> 1.0)
    json (2.0.2)
    listen (3.1.5)
      rb-fsevent (~> 0.9, >= 0.9.4)
      rb-inotify (~> 0.9, >= 0.9.7)
      ruby_dep (~> 1.2)
    middleware (0.1.0)
    minitest (5.14.1)
    multi_json (1.14.1)
    mysql2 (0.4.5)
    newrelic_rpm (3.17.1.326)
    protobuf (3.6.12)
      activesupport (>= 3.2)
      middleware
      thor
      thread_safe
    rack (1.6.12)
    rack-protection (1.5.5)
      rack
    rack-ssl-enforcer (0.2.9)
    rack-test (0.6.3)
      rack (>= 1.0)
    rake (13.0.1)
    rb-fsevent (0.9.8)
    rb-inotify (0.9.7)
      ffi (>= 0.5.0)
    rerun (0.11.0)
      listen (~> 3.0)
    rollbar (2.13.3)
      multi_json
    ruby_dep (1.5.0)
    rubyzip (1.3.0)
    sinatra (1.4.7)
      rack (~> 1.5)
      rack-protection (~> 1.4)
      tilt (>= 1.3, < 3)
    sinatra-contrib (1.4.7)
      backports (>= 2.0)
      multi_json
      rack-protection
      rack-test
      sinatra (~> 1.4.0)
      tilt (>= 1.3, < 3)
    sprockets (3.7.2)
      concurrent-ruby (~> 1.0)
      rack (> 1, < 3)
    sprockets-helpers (1.2.1)
      sprockets (>= 2.2)
    sqlite3 (1.3.12)
    thin (1.7.0)
      daemons (~> 1.0, >= 1.0.9)
      eventmachine (~> 1.0, >= 1.0.4)
      rack (>= 1, < 3)
    thor (1.0.1)
    thread_safe (0.3.6)
    tilt (2.0.5)
    tzinfo (1.2.7)
      thread_safe (~> 0.1)
    zeitwerk (2.3.0)

PLATFORMS
  ruby

DEPENDENCIES
  dotenv
  gtfs-realtime!
  json
  mysql2
  newrelic_rpm
  rack-ssl-enforcer
  rerun
  rollbar
  sinatra
  sinatra-contrib
  sprockets
  sprockets-helpers
  sqlite3
  thin

RUBY VERSION
   ruby 2.6.6p146

BUNDLED WITH
   1.17.2
